GEM
  remote: https://rubygems.org/
  specs:
    actionmailer (2.1.2)
      actionpack (= 2.1.2)
    actionpack (2.1.2)
      activesupport (= 2.1.2)
    activerecord (2.1.2)
      activesupport (= 2.1.2)
    activeresource (2.1.2)
      activesupport (= 2.1.2)
    activesupport (2.1.2)
    diff-lcs (1.2.1)
    rails (2.1.2)
      actionmailer (= 2.1.2)
      actionpack (= 2.1.2)
      activerecord (= 2.1.2)
      activeresource (= 2.1.2)
      activesupport (= 2.1.2)
      rake (>= 0.8.1)
    rails-footnotes (3.6.7)
    rake (12.3.3)
    rspec (2.13.0)
      rspec-core (~> 2.13.0)
      rspec-expectations (~> 2.13.0)
      rspec-mocks (~> 2.13.0)
    rspec-core (2.13.0)
    rspec-expectations (2.13.0)
      diff-lcs (>= 1.1.3, < 2.0)
    rspec-mocks (2.13.0)
    sqlite3 (1.3.7)
    sqlite3-ruby (1.3.3)
      sqlite3 (>= 1.3.3)

PLATFORMS
  ruby

DEPENDENCIES
  rails (= 2.1.2)
  rails-footnotes
  rake (= 12.3.3)
  rspec
  sqlite3-ruby
